GEM
  remote: https://rubygems.org/
  specs:
    backports (3.11.0)
    builder (3.2.3)
    childprocess (0.8.0)
      ffi (~> 1.0, >= 1.0.11)
    cucumber (3.1.0)
      builder (>= 2.1.2)
      cucumber-core (~> 3.1.0)
      cucumber-expressions (~> 5.0.4)
      cucumber-wire (~> 0.0.1)
      diff-lcs (~> 1.3)
      gherkin (~> 5.0)
      multi_json (>= 1.7.5, < 2.0)
      multi_test (>= 0.1.2)
    cucumber-core (3.1.0)
      backports (>= 3.8.0)
      cucumber-tag_expressions (~> 1.1.0)
      gherkin (>= 5.0.0)
    cucumber-expressions (5.0.7)
    cucumber-tag_expressions (1.1.1)
    cucumber-wire (0.0.1)
    deepsort (0.4.0)
    diff-lcs (1.3)
    ffi (1.9.18)
    gherkin (5.0.0)
    headless (2.3.1)
    httparty (0.15.6)
      multi_xml (>= 0.5.2)
    inifile (3.0.0)
    mini_portile2 (2.3.0)
    multi_json (1.12.2)
    multi_test (0.1.2)
    multi_xml (0.6.0)
    neatjson (0.8.3)
    nokogiri (1.8.1)
      mini_portile2 (~> 2.3.0)
    os (1.0.0)
    reverse_markdown (1.0.4)
      nokogiri
    rspec (3.7.0)
      rspec-core (~> 3.7.0)
      rspec-expectations (~> 3.7.0)
      rspec-mocks (~> 3.7.0)
    rspec-core (3.7.0)
      rspec-support (~> 3.7.0)
    rspec-expectations (3.7.0)
      diff-lcs (>= 1.2.0, < 2.0)
      rspec-support (~> 3.7.0)
    rspec-mocks (3.7.0)
      diff-lcs (>= 1.2.0, < 2.0)
      rspec-support (~> 3.7.0)
    rspec-support (3.7.0)
    rubyzip (1.2.1)
    selenium-webdriver (2.53.4)
      childprocess (~> 0.5)
      rubyzip (~> 1.0)
      websocket (~> 1.0)
    websocket (1.2.5)

PLATFORMS
  ruby

DEPENDENCIES
  cucumber
  deepsort
  headless
  httparty
  inifile
  neatjson
  os
  reverse_markdown
  rspec
  selenium-webdriver (= 2.53.4)

BUNDLED WITH
   1.16.0
