GEM
  remote: https://rubygems.org/
  specs:
    addressable (2.5.1)
      public_suffix (~> 2.0, >= 2.0.2)
    aws-sdk (2.10.19)
      aws-sdk-resources (= 2.10.19)
    aws-sdk-core (2.10.19)
      aws-sigv4 (~> 1.0)
      jmespath (~> 1.0)
    aws-sdk-resources (2.10.19)
      aws-sdk-core (= 2.10.19)
    aws-sigv4 (1.0.1)
    bibtex-ruby (4.4.4)
      latex-decode (~> 0.0)
    blockenspiel (0.5.0)
    builder (3.2.3)
    childprocess (0.7.1)
      ffi (~> 1.0, >= 1.0.11)
    colorize (0.8.1)
    cucumber (2.4.0)
      builder (>= 2.1.2)
      cucumber-core (~> 1.5.0)
      cucumber-wire (~> 0.0.1)
      diff-lcs (>= 1.1.3)
      gherkin (~> 4.0)
      multi_json (>= 1.7.5, < 2.0)
      multi_test (>= 0.1.2)
    cucumber-core (1.5.0)
      gherkin (~> 4.0)
    cucumber-wire (0.0.1)
    diff-lcs (1.3)
    domain_name (0.5.20170404)
      unf (>= 0.0.5, < 1.0.0)
    dotenv (2.2.1)
    ethon (0.10.1)
      ffi (>= 1.3.0)
    facets (3.1.0)
    faraday (0.9.2)
      multipart-post (>= 1.2, < 3)
    faraday-http-cache (2.0.0)
      faraday (~> 0.8)
    ffi (1.9.18)
    front_matter_parser (0.1.1)
    gherkin (4.1.3)
    ghi (1.2.0)
      pygments.rb
    git (1.3.0)
    headless (2.3.1)
    http-cookie (1.0.3)
      domain_name (~> 0.5)
    httparty (0.15.6)
      multi_xml (>= 0.5.2)
    inifile (3.0.0)
    jmespath (1.3.1)
    jwt (1.5.6)
    latex-decode (0.2.2)
      unicode (~> 0.4)
    mechanize (2.7.5)
      domain_name (~> 0.5, >= 0.5.1)
      http-cookie (~> 1.0)
      mime-types (>= 1.17.2)
      net-http-digest_auth (~> 1.1, >= 1.1.1)
      net-http-persistent (~> 2.5, >= 2.5.2)
      nokogiri (~> 1.6)
      ntlm-http (~> 0.1, >= 0.1.1)
      webrobots (>= 0.0.9, < 0.2)
    mime-types (3.1)
      mime-types-data (~> 3.2015)
    mime-types-data (3.2016.0521)
    mini_portile2 (2.2.0)
    moving_average (0.1.1)
    multi_json (1.12.1)
    multi_test (0.1.2)
    multi_xml (0.6.0)
    multipart-post (2.0.0)
    neatjson (0.8.3)
    net-http-digest_auth (1.4.1)
    net-http-persistent (2.9.4)
    net-sftp (2.1.2)
      net-ssh (>= 2.6.5)
    net-ssh (4.1.0)
    netrc (0.11.0)
    nokogiri (1.8.0)
      mini_portile2 (~> 2.2.0)
    ntlm-http (0.1.1)
    octokit (4.7.0)
      sawyer (~> 0.8.0, >= 0.5.3)
    os (1.0.0)
    progressbar (1.8.2)
    public_suffix (2.0.5)
    pygments.rb (1.1.2)
      multi_json (>= 1.0.0)
    rake (12.0.0)
    rake-xpi (0.0.42)
      aws-sdk
      dotenv
      faraday-http-cache
      jwt
      multipart-post
      nokogiri
      octokit
      rake
      recursive-open-struct
      rest-client
      rubyzip (>= 1.0.0)
      slack-incoming-webhooks
      versionomy
      zip-zip
    rchardet (1.6.1)
    recursive-open-struct (1.0.5)
    regexp_parser (0.4.4)
    rest-client (2.0.2)
      http-cookie (>= 1.0.2, < 2.0)
      mime-types (>= 1.16, < 4.0)
      netrc (~> 0.8)
    rspec (3.6.0)
      rspec-core (~> 3.6.0)
      rspec-expectations (~> 3.6.0)
      rspec-mocks (~> 3.6.0)
    rspec-core (3.6.0)
      rspec-support (~> 3.6.0)
    rspec-expectations (3.6.0)
      diff-lcs (>= 1.2.0, < 2.0)
      rspec-support (~> 3.6.0)
    rspec-mocks (3.6.0)
      diff-lcs (>= 1.2.0, < 2.0)
      rspec-support (~> 3.6.0)
    rspec-support (3.6.0)
    rubyzip (1.2.1)
    sawyer (0.8.1)
      addressable (>= 2.3.5, < 2.6)
      faraday (~> 0.8, < 1.0)
    selenium-webdriver (2.53.4)
      childprocess (~> 0.5)
      rubyzip (~> 1.0)
      websocket (~> 1.0)
    shell-spinner (1.0.4)
      colorize
    slack-incoming-webhooks (0.2.0)
    sqlite3 (1.3.13)
    trollop (2.1.2)
    typhoeus (1.1.2)
      ethon (>= 0.9.0)
    unf (0.1.4)
      unf_ext
    unf_ext (0.0.7.4)
    unicode (0.4.4.4)
    versionomy (0.5.0)
      blockenspiel (~> 0.5)
    washbullet (0.4.0)
      faraday (~> 0.9.0)
      mime-types
    webrobots (0.1.2)
    websocket (1.2.4)
    zip-zip (0.3)
      rubyzip (>= 1.0.0)

PLATFORMS
  ruby

DEPENDENCIES
  addressable
  aws-sdk (~> 2)
  bibtex-ruby
  cucumber
  facets
  faraday-http-cache
  front_matter_parser
  ghi
  git
  headless
  httparty
  inifile
  jwt
  mechanize
  moving_average
  neatjson
  net-sftp
  nokogiri
  octokit
  os
  progressbar
  rake
  rake-xpi
  rchardet
  recursive-open-struct
  regexp_parser
  rest-client
  rspec
  rubyzip (>= 1.0.0)
  selenium-webdriver (= 2.53.4)
  shell-spinner
  sqlite3
  trollop
  typhoeus
  washbullet
  zip-zip

BUNDLED WITH
   1.15.3
